PATH
  remote: .
  specs:
    mockdata (1.0.4)

GEM
  remote: https://rubygems.org/
  specs:
    rake (12.3.2)

PLATFORMS
  ruby

DEPENDENCIES
  bundler (~> 2)
  mockdata!
  rake (~> 12)

BUNDLED WITH
   2.1.4
